GIT
  remote: git://github.com/activeadmin/activeadmin.git
  revision: 46bc9ff2aa46d09dd855f0edc0c437ff2d183594
  specs:
    activeadmin (1.0.0.pre)
      arbre (~> 1.0, >= 1.0.2)
      bourbon
      coffee-rails
      formtastic (~> 3.1)
      formtastic_i18n
      inherited_resources (~> 1.4, != 1.5.0)
      jquery-rails
      jquery-ui-rails (~> 5.0)
      kaminari (~> 0.15)
      rails (>= 3.2, < 5.0)
      ransack (~> 1.3)
      sass-rails

GIT
  remote: git://github.com/josevalim/inherited_resources.git
  revision: ff1c991307ff78cce98882b6986aeabbbcfd70c4
  branch: rails-4-2
  specs:
    inherited_resources (1.5.1)
      actionpack (>= 3.2, < 5)
      has_scope (~> 0.6.0.rc)
      railties (>= 3.2, < 5)
      responders

GEM
  remote: https://rubygems.org/
  specs:
    actionmailer (4.2.0)
      actionpack (= 4.2.0)
      actionview (= 4.2.0)
      activejob (= 4.2.0)
      mail (~> 2.5, >= 2.5.4)
      rails-dom-testing (~> 1.0, >= 1.0.5)
    actionpack (4.2.0)
      actionview (= 4.2.0)
      activesupport (= 4.2.0)
      rack (~> 1.6.0)
      rack-test (~> 0.6.2)
      rails-dom-testing (~> 1.0, >= 1.0.5)
      rails-html-sanitizer (~> 1.0, >= 1.0.1)
    actionview (4.2.0)
      activesupport (= 4.2.0)
      builder (~> 3.1)
      erubis (~> 2.7.0)
      rails-dom-testing (~> 1.0, >= 1.0.5)
      rails-html-sanitizer (~> 1.0, >= 1.0.1)
    activejob (4.2.0)
      activesupport (= 4.2.0)
      globalid (>= 0.3.0)
    activemodel (4.2.0)
      activesupport (= 4.2.0)
      builder (~> 3.1)
    activerecord (4.2.0)
      activemodel (= 4.2.0)
      activesupport (= 4.2.0)
      arel (~> 6.0)
    activesupport (4.2.0)
      i18n (~> 0.7)
      json (~> 1.7, >= 1.7.7)
      minitest (~> 5.1)
      thread_safe (~> 0.3, >= 0.3.4)
      tzinfo (~> 1.1)
    addressable (2.3.6)
    arbre (1.0.2)
      activesupport (>= 3.0.0)
    arel (6.0.0)
    autoprefixer-rails (4.0.2.2)
      execjs
    bcrypt (3.1.9)
    bootstrap-datepicker-rails (1.3.1.1)
      railties (>= 3.0)
    bootstrap-sass (3.3.1.0)
      sass (~> 3.2)
    bourbon (3.2.3)
      sass (~> 3.2)
      thor
    builder (3.2.2)
    cancan (1.6.10)
    capybara (2.4.4)
      mime-types (>= 1.16)
      nokogiri (>= 1.3.3)
      rack (>= 1.0.0)
      rack-test (>= 0.5.4)
      xpath (~> 2.0)
    capybara-slow_finder_errors (0.1.2)
      capybara (~> 2.0)
    celluloid (0.16.0)
      timers (~> 4.0.0)
    childprocess (0.5.5)
      ffi (~> 1.0, >= 1.0.11)
    coderay (1.1.0)
    coffee-rails (4.0.1)
      coffee-script (>= 2.2.0)
      railties (>= 4.0.0, < 5.0)
    coffee-script (2.3.0)
      coffee-script-source
      execjs
    coffee-script-source (1.8.0)
    database_cleaner (1.4.0)
    devise (3.4.1)
      bcrypt (~> 3.0)
      orm_adapter (~> 0.1)
      railties (>= 3.2.6, < 5)
      responders
      thread_safe (~> 0.1)
      warden (~> 1.2.3)
    diff-lcs (1.2.5)
    erubis (2.7.0)
    execjs (2.2.2)
    factory_girl (4.5.0)
      activesupport (>= 3.0.0)
    factory_girl_rails (4.5.0)
      factory_girl (~> 4.5.0)
      railties (>= 3.0.0)
    faker (1.4.3)
      i18n (~> 0.5)
    ffi (1.9.6)
    formatador (0.2.5)
    formtastic (3.1.2)
      actionpack (>= 3.2.13)
    formtastic_i18n (0.1.1)
    globalid (0.3.0)
      activesupport (>= 4.1.0)
    google-webfonts-rails (0.0.4)
      activesupport (> 3.2.0, < 5.0)
    guard (2.11.1)
      formatador (>= 0.2.4)
      listen (~> 2.7)
      lumberjack (~> 1.0)
      nenv (~> 0.1)
      notiffany (~> 0.0)
      pry (>= 0.9.12)
      shellany (~> 0.0)
      thor (>= 0.18.1)
    guard-compat (1.2.1)
    guard-rspec (4.5.0)
      guard (~> 2.1)
      guard-compat (~> 1.1)
      rspec (>= 2.99.0, < 4.0)
    has_scope (0.6.0.rc)
      actionpack (>= 3.2, < 5)
      activesupport (>= 3.2, < 5)
    hike (1.2.3)
    hitimes (1.2.2)
    i18n (0.7.0)
    jbuilder (2.2.6)
      activesupport (>= 3.0.0, < 5)
      multi_json (~> 1.2)
    jquery-easing-rails (0.0.2)
      railties (>= 3.1.0)
    jquery-rails (4.0.3)
      rails-dom-testing (~> 1.0)
      railties (>= 4.2.0)
      thor (>= 0.14, < 2.0)
    jquery-turbolinks (2.1.0)
      railties (>= 3.1.0)
      turbolinks
    jquery-ui-rails (5.0.3)
      railties (>= 3.2.16)
    json (1.8.1)
    kaminari (0.16.1)
      actionpack (>= 3.0.0)
      activesupport (>= 3.0.0)
    kgio (2.9.2)
    launchy (2.4.3)
      addressable (~> 2.3)
    listen (2.8.5)
      celluloid (>= 0.15.2)
      rb-fsevent (>= 0.9.3)
      rb-inotify (>= 0.9)
    loofah (2.0.1)
      nokogiri (>= 1.5.9)
    lumberjack (1.0.9)
    mail (2.6.3)
      mime-types (>= 1.16, < 3)
    mail_form (1.5.0)
      actionmailer (>= 3.2, < 5)
      activemodel (>= 3.2, < 5)
    method_source (0.8.2)
    mime-types (2.4.3)
    mini_portile (0.6.2)
    minitest (5.5.0)
    multi_json (1.10.1)
    nenv (0.2.0)
    newrelic_rpm (3.9.9.275)
    nokogiri (1.6.5)
      mini_portile (~> 0.6.0)
    notiffany (0.0.3)
      nenv (~> 0.1)
      shellany (~> 0.0)
    orm_adapter (0.5.0)
    pg (0.18.1)
    polyamorous (1.1.0)
      activerecord (>= 3.0)
    pry (0.10.1)
      coderay (~> 1.1.0)
      method_source (~> 0.8.1)
      slop (~> 3.4)
    rack (1.6.0)
    rack-protection (1.5.3)
      rack
    rack-test (0.6.2)
      rack (>= 1.0)
    rails (4.2.0)
      actionmailer (= 4.2.0)
      actionpack (= 4.2.0)
      actionview (= 4.2.0)
      activejob (= 4.2.0)
      activemodel (= 4.2.0)
      activerecord (= 4.2.0)
      activesupport (= 4.2.0)
      bundler (>= 1.3.0, < 2.0)
      railties (= 4.2.0)
      sprockets-rails
    rails-deprecated_sanitizer (1.0.3)
      activesupport (>= 4.2.0.alpha)
    rails-dom-testing (1.0.5)
      activesupport (>= 4.2.0.beta, < 5.0)
      nokogiri (~> 1.6.0)
      rails-deprecated_sanitizer (>= 1.0.1)
    rails-html-sanitizer (1.0.1)
      loofah (~> 2.0)
    rails_12factor (0.0.3)
      rails_serve_static_assets
      rails_stdout_logging
    rails_serve_static_assets (0.0.3)
    rails_stdout_logging (0.0.3)
    railties (4.2.0)
      actionpack (= 4.2.0)
      activesupport (= 4.2.0)
      rake (>= 0.8.7)
      thor (>= 0.18.1, < 2.0)
    raindrops (0.13.0)
    rake (10.4.2)
    ransack (1.5.1)
      actionpack (>= 3.0)
      activerecord (>= 3.0)
      activesupport (>= 3.0)
      i18n
      polyamorous (~> 1.1)
    rb-fsevent (0.9.4)
    rb-inotify (0.9.5)
      ffi (>= 0.5.0)
    rdoc (4.2.0)
    redis (3.2.0)
    redis-namespace (1.5.1)
      redis (~> 3.0, >= 3.0.4)
    responders (2.0.2)
      railties (>= 4.2.0.alpha, < 5)
    resque (1.22.0)
      multi_json (~> 1.0)
      redis-namespace (~> 1.0)
      sinatra (>= 0.9.2)
      vegas (~> 0.1.2)
    resque-scheduler (2.2.0)
      redis (>= 3.0.0)
      resque (>= 1.20.0, < 1.25)
      rufus-scheduler (~> 2.0)
    rspec (3.1.0)
      rspec-core (~> 3.1.0)
      rspec-expectations (~> 3.1.0)
      rspec-mocks (~> 3.1.0)
    rspec-core (3.1.7)
      rspec-support (~> 3.1.0)
    rspec-expectations (3.1.2)
      diff-lcs (>= 1.2.0, < 2.0)
      rspec-support (~> 3.1.0)
    rspec-mocks (3.1.3)
      rspec-support (~> 3.1.0)
    rspec-rails (3.1.0)
      actionpack (>= 3.0)
      activesupport (>= 3.0)
      railties (>= 3.0)
      rspec-core (~> 3.1.0)
      rspec-expectations (~> 3.1.0)
      rspec-mocks (~> 3.1.0)
      rspec-support (~> 3.1.0)
    rspec-support (3.1.2)
    rubyzip (1.1.7)
    rufus-scheduler (2.0.24)
      tzinfo (>= 0.3.22)
    sass (3.2.19)
    sass-rails (4.0.5)
      railties (>= 4.0.0, < 5.0)
      sass (~> 3.2.2)
      sprockets (~> 2.8, < 3.0)
      sprockets-rails (~> 2.0)
    sdoc (0.4.1)
      json (~> 1.7, >= 1.7.7)
      rdoc (~> 4.0)
    selenium-webdriver (2.44.0)
      childprocess (~> 0.5)
      multi_json (~> 1.0)
      rubyzip (~> 1.0)
      websocket (~> 1.0)
    shellany (0.0.1)
    simple_form (3.1.0)
      actionpack (~> 4.0)
      activemodel (~> 4.0)
    sinatra (1.4.5)
      rack (~> 1.4)
      rack-protection (~> 1.4)
      tilt (~> 1.3, >= 1.3.4)
    slop (3.6.0)
    spring (1.2.0)
    sprockets (2.12.3)
      hike (~> 1.2)
      multi_json (~> 1.0)
      rack (~> 1.0)
      tilt (~> 1.1, != 1.3.0)
    sprockets-rails (2.2.2)
      actionpack (>= 3.0)
      activesupport (>= 3.0)
      sprockets (>= 2.8, < 4.0)
    thor (0.19.1)
    thread_safe (0.3.4)
    tilt (1.4.1)
    timers (4.0.1)
      hitimes
    turbolinks (2.5.3)
      coffee-rails
    twitter-bootstrap-rails-confirm (1.0.4)
    tzinfo (1.2.2)
      thread_safe (~> 0.1)
    uglifier (2.6.1)
      execjs (>= 0.3.0)
      json (>= 1.8.0)
    unicorn (4.8.3)
      kgio (~> 2.6)
      rack
      raindrops (~> 0.7)
    vegas (0.1.11)
      rack (>= 1.0.0)
    warden (1.2.3)
      rack (>= 1.0)
    websocket (1.2.1)
    wicked_pdf (0.11.0)
      rails
    wkhtmltopdf-binary (0.9.9.3)
    xpath (2.0.0)
      nokogiri (~> 1.3)

PLATFORMS
  ruby

DEPENDENCIES
  activeadmin!
  autoprefixer-rails
  bootstrap-datepicker-rails
  bootstrap-sass (~> 3.3.1)
  cancan
  capybara
  capybara-slow_finder_errors
  coffee-rails (~> 4.0.0)
  database_cleaner
  devise
  factory_girl_rails
  faker
  google-webfonts-rails
  guard-rspec
  inherited_resources!
  jbuilder (~> 2.0)
  jquery-easing-rails
  jquery-rails
  jquery-turbolinks
  launchy
  mail_form
  newrelic_rpm
  pg
  rails (= 4.2.0)
  rails_12factor
  redis
  resque (~> 1.22.0)
  resque-scheduler
  rspec-rails (~> 3.0)
  sass-rails (~> 4.0.3)
  sdoc (~> 0.4.0)
  selenium-webdriver
  simple_form
  spring
  turbolinks
  twitter-bootstrap-rails-confirm
  uglifier (>= 1.3.0)
  unicorn
  wicked_pdf
  wkhtmltopdf-binary
